GIT
  remote: https://github.com/dblock/sitemap_treemaker.git
  revision: dcc3bac799fa577c4a005fc5e4bcc83e7fb25ba4
  branch: nested-sitemaps
  specs:
    sitemap_treemaker (0.1.0)
      nokogiri
      rubytree

GEM
  remote: http://rubygems.org/
  specs:
    json (2.7.1)
    mini_portile2 (2.8.5)
    nokogiri (1.16.2)
      mini_portile2 (~> 2.8.2)
      racc (~> 1.4)
    racc (1.7.3)
    rubytree (2.0.3)
      json (~> 2.0, > 2.3.1)

PLATFORMS
  ruby

DEPENDENCIES
  sitemap_treemaker!
