GIT
  remote: git://github.com/dblock/sitemap_treemaker.git
  revision: dcc3bac799fa577c4a005fc5e4bcc83e7fb25ba4
  branch: nested-sitemaps
  specs:
    sitemap_treemaker (0.1.0)
      nokogiri
      rubytree

GEM
  remote: http://rubygems.org/
  specs:
    json (1.8.1)
    mini_portile (0.5.3)
    nokogiri (1.6.1)
      mini_portile (~> 0.5.0)
    rubytree (0.9.3)
      json (~> 1.8)
      structured_warnings (~> 0.1)
    structured_warnings (0.1.4)

PLATFORMS
  ruby

DEPENDENCIES
  sitemap_treemaker!
